GEM
  remote: https://rubygems.org/
  specs:
    chronic (0.10.2)
    dogapi (1.24.0)
      multi_json
    dogstatsd-ruby (2.2.0)
    multi_json (1.12.1)
    splunk-sdk-ruby (1.0.5)

PLATFORMS
  ruby

DEPENDENCIES
  chronic
  dogapi
  dogstatsd-ruby
  splunk-sdk-ruby

BUNDLED WITH
   1.15.2
